GEM
  remote: https://rubygems.org/
  specs:
    activemodel (6.0.1)
      activesupport (= 6.0.1)
    activerecord (6.0.1)
      activemodel (= 6.0.1)
      activesupport (= 6.0.1)
    activesupport (6.0.1)
      concurrent-ruby (~> 1.0, >= 1.0.2)
      i18n (>= 0.7, < 2)
      minitest (~> 5.1)
      tzinfo (~> 1.1)
      zeitwerk (~> 2.2)
    coderay (1.1.2)
    concurrent-ruby (1.1.5)
<<<<<<< HEAD
=======
    diff-lcs (1.3)
>>>>>>> 496e69c95cfd836bfb77b8fa4d3e6ae74de75593
    i18n (1.7.0)
      concurrent-ruby (~> 1.0)
    method_source (0.9.2)
    minitest (5.13.0)
    mustermann (1.0.3)
    pry (0.12.2)
      coderay (~> 1.1.0)
      method_source (~> 0.9.0)
    rack (2.0.7)
    rack-protection (2.0.7)
      rack
<<<<<<< HEAD
    require_all (2.0.0)
=======
    rake (13.0.0)
    require_all (3.0.0)
    rspec (3.9.0)
      rspec-core (~> 3.9.0)
      rspec-expectations (~> 3.9.0)
      rspec-mocks (~> 3.9.0)
    rspec-core (3.9.0)
      rspec-support (~> 3.9.0)
    rspec-expectations (3.9.0)
      diff-lcs (>= 1.2.0, < 2.0)
      rspec-support (~> 3.9.0)
    rspec-mocks (3.9.0)
      diff-lcs (>= 1.2.0, < 2.0)
      rspec-support (~> 3.9.0)
    rspec-support (3.9.0)
>>>>>>> 496e69c95cfd836bfb77b8fa4d3e6ae74de75593
    sinatra (2.0.7)
      mustermann (~> 1.0)
      rack (~> 2.0)
      rack-protection (= 2.0.7)
      tilt (~> 2.0)
    sinatra-activerecord (2.0.14)
      activerecord (>= 3.2)
      sinatra (>= 1.0)
    sqlite3 (1.4.1)
    thread_safe (0.3.6)
    tilt (2.0.10)
    tzinfo (1.2.5)
      thread_safe (~> 0.1)
    zeitwerk (2.2.1)

PLATFORMS
  ruby

DEPENDENCIES
  pry
<<<<<<< HEAD
  require_all
=======
  rake
  require_all
  rspec
>>>>>>> 496e69c95cfd836bfb77b8fa4d3e6ae74de75593
  sinatra-activerecord
  sqlite3 (~> 1.4)

BUNDLED WITH
   2.0.2
